GEM
  remote: https://rubygems.org/
  specs:
    flickraw (0.9.9)
    flickraw-cached (20120701)
      flickraw (>= 0.9)

PLATFORMS
  ruby

DEPENDENCIES
  flickraw
  flickraw-cached

BUNDLED WITH
   1.12.5
