GEM
  remote: https://rubygems.org/
  specs:
    coderay (1.1.1)
    diskcached (1.1.2)
    flickraw (0.9.9)
    flickraw-cached (20120701)
      flickraw (>= 0.9)
    method_source (0.8.2)
    pry (0.10.3)
      coderay (~> 1.1.0)
      method_source (~> 0.8.1)
      slop (~> 3.4)
    slop (3.6.0)

PLATFORMS
  ruby

DEPENDENCIES
  diskcached
  flickraw
  flickraw-cached
  pry

BUNDLED WITH
   1.12.5
